STORAGE: PACKAGES
RESTRICTION: || (== net6.0) (== netstandard2.1)
NUGET
  remote: https://www.nuget.org/api/v2
    FSharp.Core (6.0.7)
    FSharp.Data (5.0.2)
      FSharp.Core (>= 5.0.1)
    NETStandard.Library.NETFramework (2.0.0-preview2-25405-01)
GITHUB
  remote: fsprojects/FSharp.TypeProviders.SDK
    src/ProvidedTypes.fs (6ad1174db0794a348f4a1c0aa5a60ae3f1803810)
    src/ProvidedTypes.fsi (6ad1174db0794a348f4a1c0aa5a60ae3f1803810)
GROUP Test
RESTRICTION: == net6.0
NUGET
  remote: https://www.nuget.org/api/v2
    FSharp.Core (7.0)
    Microsoft.NETCore.Platforms (7.0)
    NETStandard.Library (2.0.3)
      Microsoft.NETCore.Platforms (>= 1.1)
    NUnit (3.13.3)
      NETStandard.Library (>= 2.0)
    NUnit.Console (3.16)
      NUnit.ConsoleRunner (>= 3.16)
      NUnit.Extension.NUnitProjectLoader (>= 3.6)
      NUnit.Extension.NUnitV2Driver (>= 3.8)
      NUnit.Extension.NUnitV2ResultWriter (>= 3.6)
      NUnit.Extension.TeamCityEventListener (>= 1.0.7)
      NUnit.Extension.VSProjectLoader (>= 3.8)
    NUnit.ConsoleRunner (3.16)
    NUnit.Extension.NUnitProjectLoader (3.7.1)
    NUnit.Extension.NUnitV2Driver (3.9)
    NUnit.Extension.NUnitV2ResultWriter (3.7)
    NUnit.Extension.TeamCityEventListener (1.0.7)
    NUnit.Extension.VSProjectLoader (3.9)
    NUnit3TestAdapter (4.3.1) - version_in_path: true
